GEM
  remote: http://rubygems.org/
  specs:
    cartesian-product (0.1.0)
    daemons (1.1.9)
    diff-lcs (1.2.2)
    eventmachine (1.0.3)
    foreman (0.62.0)
      thor (>= 0.13.6)
    hyperloglog-redis (2.0.0)
      murmurhash3 (~> 0.1.3)
      redis (~> 3.0.1)
    json (1.7.7)
    logger (1.2.8)
    mono_logger (1.0.0)
    multi_json (1.7.2)
    murmurhash3 (0.1.3)
    progressbar (0.20.0)
    rack (1.5.2)
    rack-protection (1.5.0)
      rack
    rack-test (0.6.2)
      rack (>= 1.0)
    rake (10.0.4)
    redis (3.0.3)
    redis-namespace (1.2.1)
      redis (~> 3.0.0)
    resque (1.24.1)
      mono_logger (~> 1.0)
      multi_json (~> 1.0)
      redis-namespace (~> 1.2)
      sinatra (>= 0.9.2)
      vegas (~> 0.1.2)
    right_aws (3.0.5)
      right_http_connection (>= 1.2.5)
    right_http_connection (1.3.0)
    rspec (2.13.0)
      rspec-core (~> 2.13.0)
      rspec-expectations (~> 2.13.0)
      rspec-mocks (~> 2.13.0)
    rspec-core (2.13.1)
    rspec-expectations (2.13.0)
      diff-lcs (>= 1.1.3, < 2.0)
    rspec-mocks (2.13.0)
    sinatra (1.4.2)
      rack (~> 1.5, >= 1.5.2)
      rack-protection (~> 1.4)
      tilt (~> 1.3, >= 1.3.4)
    space-saver-redis (0.0.1)
      redis (~> 3.0.1)
    thin (1.5.1)
      daemons (>= 1.0.9)
      eventmachine (>= 0.12.6)
      rack (>= 1.0.0)
    thor (0.18.1)
    tilt (1.3.6)
    vegas (0.1.11)
      rack (>= 1.0.0)

PLATFORMS
  ruby

DEPENDENCIES
  cartesian-product
  foreman
  hyperloglog-redis
  json
  logger
  murmurhash3
  progressbar
  rack-test
  rake
  redis
  resque
  right_aws
  rspec
  sinatra
  space-saver-redis
  thin
