GEM
  remote: http://rubygems.org/
  specs:
    cartesian-product (0.1.0)
    daemons (1.1.9)
    diff-lcs (1.1.3)
    eventmachine (1.0.3)
    foreman (0.55.0)
      thor (>= 0.13.6)
    hyperloglog-redis (2.0.0)
      murmurhash3 (~> 0.1.3)
      redis (~> 3.0.1)
    json (1.7.7)
    logger (1.2.8)
    multi_json (1.7.0)
    murmurhash3 (0.1.3)
    progressbar (0.20.0)
    rack (1.5.2)
    rack-protection (1.5.0)
      rack
    rack-test (0.6.2)
      rack (>= 1.0)
    rake (0.9.2.2)
    redis (3.0.3)
    redis-namespace (1.2.1)
      redis (~> 3.0.0)
    resque (1.21.0)
      multi_json (~> 1.0)
      redis-namespace (~> 1.0)
      sinatra (>= 0.9.2)
      vegas (~> 0.1.2)
    right_aws (3.0.5)
      right_http_connection (>= 1.2.5)
    right_http_connection (1.3.0)
    rspec (2.11.0)
      rspec-core (~> 2.11.0)
      rspec-expectations (~> 2.11.0)
      rspec-mocks (~> 2.11.0)
    rspec-core (2.11.1)
    rspec-expectations (2.11.3)
      diff-lcs (~> 1.1.3)
    rspec-mocks (2.11.3)
    sinatra (1.3.6)
      rack (~> 1.4)
      rack-protection (~> 1.3)
      tilt (~> 1.3, >= 1.3.3)
    space-saver-redis (0.0.1)
      redis (~> 3.0.1)
    thin (1.4.1)
      daemons (>= 1.0.9)
      eventmachine (>= 0.12.6)
      rack (>= 1.0.0)
    thor (0.17.0)
    tilt (1.3.6)
    vegas (0.1.11)
      rack (>= 1.0.0)

PLATFORMS
  ruby

DEPENDENCIES
  cartesian-product (~> 0.1.0)
  foreman (~> 0.55.0)
  hyperloglog-redis (~> 2.0.0)
  json (~> 1.7.4)
  logger (~> 1.2.8)
  murmurhash3 (~> 0.1.3)
  progressbar (~> 0.20.0)
  rack-test (~> 0.6.1)
  rake (~> 0.9.2.2)
  redis (~> 3.0.1)
  resque (~> 1.21.0)
  right_aws (~> 3.0.5)
  rspec (~> 2.11.0)
  sinatra (~> 1.3.2)
  space-saver-redis (~> 0.0.1)
  thin (~> 1.4.1)
